GEM
  remote: https://rubygems.org/
  specs:
    byebug (11.0.1)
    coderay (1.1.3)
    concurrent-ruby (1.2.2)
    dotenv (2.7.2)
    faker (3.2.1)
      i18n (>= 1.8.11, < 2)
    i18n (1.14.1)
      concurrent-ruby (~> 1.0)
    method_source (1.0.0)
    pry (0.14.2)
      coderay (~> 1.1)
      method_source (~> 1.0)
    pry-byebug (3.7.0)
      byebug (~> 11.0)
      pry (~> 0.10)
    puma (3.12.1)
    rack (2.0.7)
    redis (4.1.0)

PLATFORMS
  ruby
  x64-mingw-ucrt

DEPENDENCIES
  bundler (>= 2.0)
  dotenv
  faker
  pry-byebug
  puma
  rack
  redis

BUNDLED WITH
   2.4.19
